NUGET
  remote: https://www.nuget.org/api/v2
  specs:
    FsUnit (1.2.1.0) - framework: >= net45
      NUnit (>= 2.6.2)
    Mono.Cecil (0.9.6.1) - framework: >= net45
    NuGet.CommandLine (2.8.6)
    NUnit (2.6.3) - framework: >= net45
